PATH
  remote: .
  specs:
    sheet_converter (0.2.2)
      axlsx (>= 3.0.0.pre)
      roo (>= 2.7, < 2.11)
      spreadsheet_architect
      thor (>= 0.20, < 2.0)

GEM
  remote: https://rubygems.org/
  specs:
    axlsx (3.0.0.pre)
      htmlentities (~> 4.3, >= 4.3.4)
      mimemagic (~> 0.3)
      nokogiri (~> 1.8, >= 1.8.2)
      rubyzip (~> 1.2, >= 1.2.1)
    builder (3.2.4)
    byebug (11.1.3)
    caxlsx (3.3.0)
      htmlentities (~> 4.3, >= 4.3.4)
      marcel (~> 1.0)
      nokogiri (~> 1.10, >= 1.10.4)
      rubyzip (>= 1.3.0, < 3)
    htmlentities (4.3.4)
    marcel (1.0.2)
    mimemagic (0.4.3)
      nokogiri (~> 1)
      rake
    mini_portile2 (2.8.1)
    minitest (5.15.0)
    nokogiri (1.14.1)
      mini_portile2 (~> 2.8.0)
      racc (~> 1.4)
    racc (1.6.2)
    rake (13.0.6)
    rodf (1.2.0)
      builder (>= 3.0)
      rubyzip (>= 1.0)
    roo (2.10.0)
      nokogiri (~> 1)
      rubyzip (>= 1.3.0, < 3.0.0)
    rubyzip (1.3.0)
    spreadsheet_architect (5.0.0)
      caxlsx (>= 3.3.0, < 4)
      rodf (>= 1.0.0, < 2)
    thor (1.2.1)

PLATFORMS
  ruby

DEPENDENCIES
  bundler (~> 2.0)
  byebug
  minitest (~> 5.0)
  rake (~> 13.0)
  sheet_converter!

BUNDLED WITH
   1.16.1
